GEM
  remote: https://rubygems.org/
  specs:
    colorize (0.5.8)
    coveralls (0.6.7)
      colorize
      multi_json (~> 1.3)
      rest-client
      simplecov (>= 0.7)
      thor
    diff-lcs (1.2.4)
    kafka-jars (0.8.1.1.pre0-java)
      scala-library-jars (~> 2.9.2)
      slf4j-jars (~> 1.6.2)
      zookeeper-jars (~> 3.4.6)
    mime-types (1.24)
    multi_json (1.7.9)
    rest-client (1.6.7)
      mime-types (>= 1.16)
    rspec (2.14.1)
      rspec-core (~> 2.14.0)
      rspec-expectations (~> 2.14.0)
      rspec-mocks (~> 2.14.0)
    rspec-core (2.14.3)
    rspec-expectations (2.14.0)
      diff-lcs (>= 1.1.3, < 2.0)
    rspec-mocks (2.14.1)
    scala-library-jars (2.9.2-java)
    simplecov (0.7.1)
      multi_json (~> 1.0)
      simplecov-html (~> 0.7.1)
    simplecov-html (0.7.1)
    slf4j-jars (1.6.2-java)
    thor (0.18.1)
    zookeeper-jars (3.4.6-java)

PLATFORMS
  java

DEPENDENCIES
  coveralls
  kafka-jars (~> 0.8.1.1.pre0)
  rspec
  simplecov
